PATH
  remote: .
  specs:
    goomoji-translator (0.0.3)

GEM
  remote: https://rubygems.org/
  specs:
    minitest (5.8.1)
    rake (10.4.2)

PLATFORMS
  ruby

DEPENDENCIES
  bundler (~> 1.3)
  goomoji-translator!
  minitest
  rake

BUNDLED WITH
   1.10.5
